GEM
  remote: http://rubygems.org/
  specs:
    newrelic_rpm (2.13.4)
    rack (1.2.1)
    sinatra (1.1.2)
      rack (~> 1.1)
      tilt (~> 1.2)
    tilt (1.2.1)

PLATFORMS
  ruby

DEPENDENCIES
  newrelic_rpm
  sinatra
